GEM
  remote: https://rubygems.org/
  specs:
    addressable (2.2.8)
    dm-core (1.2.0)
      addressable (~> 2.2.6)
    dm-migrations (1.2.0)
      dm-core (~> 1.2.0)
    dm-yaml-adapter (1.2.0)
      dm-core (~> 1.2.0)
    rack (1.4.1)
    rack-protection (1.2.0)
      rack
    shotgun (0.9)
      rack (>= 1.0)
    sinatra (1.3.3)
      rack (~> 1.3, >= 1.3.6)
      rack-protection (~> 1.2)
      tilt (~> 1.3, >= 1.3.3)
    tilt (1.3.3)

PLATFORMS
  ruby

DEPENDENCIES
  dm-core
  dm-migrations
  dm-yaml-adapter
  shotgun
  sinatra
